GEM
  remote: https://rubygems.org/
  specs:
    clasp-ruby (0.23.0.2)
    libclimate-ruby (0.16.0.1)
      clasp-ruby (~> 0.23)
      xqsr3 (~> 0.37, >= 0.37.3)
    pantheios-ruby (0.22.0.2)
    recls-ruby (2.12.0)
    xqsr3 (0.39.1)

PLATFORMS
  x86_64-darwin-20

DEPENDENCIES
  clasp-ruby
  libclimate-ruby
  pantheios-ruby
  recls-ruby
  xqsr3 (~> 0.39, >= 0.39.1)

BUNDLED WITH
   2.4.22
